PATH
  remote: .
  specs:
    holiday_jp (0.3.0)

GEM
  remote: http://rubygems.org/
  specs:
    json (1.6.1)
    rake (0.9.2.2)
    rdoc (3.11)
      json (~> 1.4)
    shoulda (2.11.3)

PLATFORMS
  ruby

DEPENDENCIES
  holiday_jp!
  rake (= 0.9.2.2)
  rdoc (= 3.11)
  shoulda (= 2.11.3)
